GEM
  remote: https://rubygems.org/
  specs:
    activesupport (3.2.12)
      i18n (~> 0.6)
      multi_json (~> 1.0)
    backports (3.6.3)
    chronic (0.9.1)
    coffee-script (2.3.0)
      coffee-script-source
      execjs
    coffee-script-source (1.8.0)
    diff-lcs (1.2.5)
    execjs (2.2.2)
    hike (1.2.3)
    i18n (0.6.4)
    libv8 (3.16.14.7)
    multi_json (1.10.1)
    onewire (0.0.1)
    pg (0.14.1)
    puma (2.9.1)
      rack (>= 1.1, < 2.0)
    rack (1.6.0)
    rack-protection (1.5.3)
      rack
    rack-test (0.6.2)
      rack (>= 1.0)
    rake (10.3.2)
    ref (1.0.5)
    rspec (3.1.0)
      rspec-core (~> 3.1.0)
      rspec-expectations (~> 3.1.0)
      rspec-mocks (~> 3.1.0)
    rspec-core (3.1.7)
      rspec-support (~> 3.1.0)
    rspec-expectations (3.1.2)
      diff-lcs (>= 1.2.0, < 2.0)
      rspec-support (~> 3.1.0)
    rspec-mocks (3.1.3)
      rspec-support (~> 3.1.0)
    rspec-support (3.1.2)
    sass (3.2.7)
    sequel (3.45.0)
    sinatra (1.4.5)
      rack (~> 1.4)
      rack-protection (~> 1.4)
      tilt (~> 1.3, >= 1.3.4)
    sinatra-contrib (1.4.2)
      backports (>= 2.0)
      multi_json
      rack-protection
      rack-test
      sinatra (~> 1.4.0)
      tilt (~> 1.3)
    sinatra-sprockets-ext (0.0.5)
      sprockets
    slim (2.1.0)
      temple (~> 0.6.9)
      tilt (>= 1.3.3, < 2.1)
    sprockets (2.12.2)
      hike (~> 1.2)
      multi_json (~> 1.0)
      rack (~> 1.0)
      tilt (~> 1.1, != 1.3.0)
    temple (0.6.10)
    therubyracer (0.12.1)
      libv8 (~> 3.16.14.0)
      ref
    tilt (1.4.1)
    whenever (0.8.2)
      activesupport (>= 2.3.4)
      chronic (>= 0.6.3)
    zurb-foundation (4.0.9)
      sass (>= 3.2.0)

PLATFORMS
  ruby

DEPENDENCIES
  coffee-script
  onewire
  pg
  puma
  rake
  rspec
  sequel
  sinatra
  sinatra-contrib
  sinatra-sprockets-ext
  slim
  therubyracer
  whenever
  zurb-foundation
